GEM
  remote: https://rubygems.org/
  specs:
    CFPropertyList (3.0.0)
    diff-lcs (1.3)
    docile (1.3.2)
    facter (2.5.1)
    fakefs (0.20.1)
    fuubar (2.4.1)
      rspec-core (~> 3.0)
      ruby-progressbar (~> 1.4)
    json (2.2.0)
    rake (12.3.2)
    rspec (3.8.0)
      rspec-core (~> 3.8.0)
      rspec-expectations (~> 3.8.0)
      rspec-mocks (~> 3.8.0)
    rspec-core (3.8.2)
      rspec-support (~> 3.8.0)
    rspec-expectations (3.8.4)
      diff-lcs (>= 1.2.0, < 2.0)
      rspec-support (~> 3.8.0)
    rspec-mocks (3.8.1)
      diff-lcs (>= 1.2.0, < 2.0)
      rspec-support (~> 3.8.0)
    rspec-support (3.8.2)
    ruby-progressbar (1.10.1)
    simplecov (0.17.0)
      docile (~> 1.1)
      json (>= 1.8, < 3)
      simplecov-html (~> 0.10.0)
    simplecov-html (0.10.2)
    thor (0.20.3)

PLATFORMS
  ruby

DEPENDENCIES
  CFPropertyList
  facter (>= 1.7.6)
  fakefs (> 0.4.3)
  fuubar
  rake
  rspec (> 2.13.0)
  rspec-core (> 2.13.0)
  rspec-expectations (> 2.13.0)
  rspec-mocks (> 2.13.0)
  simplecov
  thor

RUBY VERSION
   ruby 2.6.2p47

BUNDLED WITH
   2.0.1
